GEM
  remote: https://rubygems.org/
  specs:
    byebug (10.0.1)
    coderay (1.1.2)
    digest (0.0.1)
    ffi (1.9.23)
    haml (5.0.4)
      temple (>= 0.8.0)
      tilt
    listen (3.1.5)
      rb-fsevent (~> 0.9, >= 0.9.4)
      rb-inotify (~> 0.9, >= 0.9.7)
      ruby_dep (~> 1.2)
    method_source (0.9.0)
    mustermann (1.0.2)
    mysql2 (0.5.0)
    pry (0.11.3)
      coderay (~> 1.1.0)
      method_source (~> 0.9.0)
    pry-byebug (3.6.0)
      byebug (~> 10.0)
      pry (~> 0.10)
    rack (2.0.4)
    rack-protection (2.0.1)
      rack
    rb-fsevent (0.10.3)
    rb-inotify (0.9.10)
      ffi (>= 0.5.0, < 2)
    rerun (0.13.0)
      listen (~> 3.0)
    ruby_dep (1.5.0)
    sequel (5.6.0)
    sinatra (2.0.1)
      mustermann (~> 1.0)
      rack (~> 2.0)
      rack-protection (= 2.0.1)
      tilt (~> 2.0)
    slim (3.0.9)
      temple (>= 0.7.6, < 0.9)
      tilt (>= 1.3.3, < 2.1)
    temple (0.8.0)
    tilt (2.0.8)

PLATFORMS
  ruby

DEPENDENCIES
  bundler
  digest
  haml
  mysql2
  pry
  pry-byebug
  rerun
  sequel
  sinatra (= 2.0.1)
  slim

BUNDLED WITH
   1.16.1
